GEM
  remote: https://rubygems.org/
  specs:
    cmdparse (3.0.7)
    geom2d (0.3.1)
    hexapdf (0.14.2)
      cmdparse (~> 3.0, >= 3.0.3)
      geom2d (~> 0.3)

PLATFORMS
  ruby

DEPENDENCIES
  hexapdf

BUNDLED WITH
   2.1.4
