GEM
  remote: https://rubygems.org/
  specs:
    cmdparse (3.0.7)
    geom2d (0.3.1)
    hexapdf (0.11.5)
      cmdparse (~> 3.0, >= 3.0.3)
      geom2d (~> 0.2)

PLATFORMS
  ruby

DEPENDENCIES
  hexapdf (= 0.11.5)

BUNDLED WITH
   2.1.4
